PATH
  remote: .
  specs:
    exarepo_tasks (0.1.0)
      rake (~> 13.0)
      wax_tasks

GEM
  remote: https://rubygems.org/
  specs:
    diff-lcs (1.5.0)
    highline (2.0.3)
    mini_magick (4.11.0)
    options (2.3.2)
    parallel (1.21.0)
    progress_bar (1.3.3)
      highline (>= 1.6, < 3)
      options (~> 2.3.0)
    rainbow (3.0.0)
    rake (13.0.6)
    rspec (3.10.0)
      rspec-core (~> 3.10.0)
      rspec-expectations (~> 3.10.0)
      rspec-mocks (~> 3.10.0)
    rspec-core (3.10.1)
      rspec-support (~> 3.10.0)
    rspec-expectations (3.10.1)
      diff-lcs (>= 1.2.0, < 2.0)
      rspec-support (~> 3.10.0)
    rspec-mocks (3.10.2)
      diff-lcs (>= 1.2.0, < 2.0)
      rspec-support (~> 3.10.0)
    rspec-support (3.10.3)
    safe_yaml (1.0.5)
    wax_iiif (0.2.0)
      mini_magick (~> 4.9)
      parallel (~> 1.17)
      progress_bar (~> 1.3)
      rainbow (~> 3.0)
    wax_tasks (1.1.5)
      progress_bar (~> 1.3)
      rainbow (~> 3.0)
      rake (~> 13.0)
      safe_yaml (~> 1.0)
      wax_iiif (~> 0.2)

PLATFORMS
  x86_64-darwin-20

DEPENDENCIES
  exarepo_tasks!
  rspec (~> 3.2)

BUNDLED WITH
   2.2.32
